GEM
  remote: https://rubygems.org/
  specs:
    ansi (1.5.0)
    builder (3.3.0)
    minitest (5.25.4)
    minitest-reporters (1.7.1)
      ansi
      builder
      minitest (>= 5.0)
      ruby-progressbar
    rack (3.1.8)
    rackup (2.2.1)
      rack (>= 3)
    ruby-progressbar (1.13.0)
    webrick (1.9.1)

PLATFORMS
  arm64-darwin-24
  ruby

DEPENDENCIES
  minitest (~> 5.10)
  minitest-reporters (~> 1.1)
  rack
  rackup
  webrick

RUBY VERSION
   ruby 3.2.6p234

BUNDLED WITH
   2.6.2
